GEM
  remote: http://rubygems.org/
  specs:
    classifier (1.3.4)
      fast-stemmer (>= 1.0.0)
    closure-compiler (1.1.12)
    coffee-script (2.4.1)
      coffee-script-source
      execjs
    coffee-script-source (1.12.2)
    cssmin (1.0.3)
    directory_watcher (1.4.1)
    execjs (2.7.0)
    fast-stemmer (1.0.2)
    jammit (0.7.0)
      cssmin (~> 1.0)
      jsmin (~> 1.0)
    jekyll (0.12.1)
      classifier (~> 1.3)
      directory_watcher (~> 1.1)
      kramdown (~> 0.14)
      liquid (~> 2.3)
      maruku (~> 0.5)
      pygments.rb (~> 0.3.2)
    jekyll-asset-pipeline (0.1.6)
      jekyll (~> 0.12)
      liquid (~> 2.4)
    jsmin (1.0.1)
    kramdown (0.14.2)
    liquid (2.6.3)
    maruku (0.7.2)
    posix-spawn (0.3.12)
    pygments.rb (0.3.7)
      posix-spawn (~> 0.3.6)
      yajl-ruby (~> 1.1.0)
    rake (12.0.0)
    redcarpet (3.4.0)
    ruby-oembed (0.10.1)
    sass (3.4.23)
    yajl-ruby (1.1.0)
    yui-compressor (0.12.0)

PLATFORMS
  ruby

DEPENDENCIES
  closure-compiler
  coffee-script
  directory_watcher (= 1.4.1)
  jammit
  jekyll (= 0.12.1)
  jekyll-asset-pipeline
  rake
  redcarpet
  ruby-oembed
  sass
  yui-compressor
